GEM
  remote: https://rubygems.org/
  specs:
    dotenv (2.7.5)
    httparty (0.21.0)
      mini_mime (>= 1.0.0)
      multi_xml (>= 0.5.2)
    mini_mime (1.1.2)
    multi_xml (0.6.0)
    rack (2.2.2)

PLATFORMS
  ruby

DEPENDENCIES
  dotenv
  httparty
  rack

BUNDLED WITH
   2.1.4
