GEM
  remote: https://rubygems.org/
  specs:
    dotenv (2.7.5)
    httparty (0.18.0)
      mime-types (~> 3.0)
      multi_xml (>= 0.5.2)
    mime-types (3.3.1)
      mime-types-data (~> 3.2015)
    mime-types-data (3.2019.1009)
    multi_xml (0.6.0)
    rack (2.2.2)

PLATFORMS
  ruby

DEPENDENCIES
  dotenv
  httparty
  rack

BUNDLED WITH
   2.1.4
